GIT
  remote: git://github.com/szinya/compass-h5bp.git
  revision: c395333f4b81ea28122089128269e607b0dae5dc
  tag: v0.2.1
  specs:
    compass-h5bp (0.2.1)
      compass

GEM
  remote: http://rubygems.org/
  specs:
    chunky_png (1.2.7)
    compass (0.12.2)
      chunky_png (~> 1.2)
      fssm (>= 0.2.7)
      sass (~> 3.1)
    compass-960-plugin (0.10.4)
      compass (>= 0.10.0)
    compass_twitter_bootstrap (2.2.2.1)
      compass
    font-stacks (0.1.4)
      compass (>= 0.11.5)
    fssm (0.2.9)
    oily_png (1.0.3)
      chunky_png (~> 1.2.1)
    sass (3.2.5)
    susy (1.0.5)
      compass (>= 0.12.2)
      sass (>= 3.2.0)

PLATFORMS
  ruby

DEPENDENCIES
  compass (= 0.12.2)
  compass-960-plugin (= 0.10.4)
  compass-h5bp!
  compass_twitter_bootstrap (= 2.2.2.1)
  font-stacks (= 0.1.4)
  oily_png (= 1.0.3)
  susy (= 1.0.5)
